PATH
  remote: .
  specs:
    gemjar (0.0.1)
      builder
      sinatra

GEM
  remote: http://rubygems.org/
  specs:
    builder (3.0.0)
    rack (1.4.1)
    rack-protection (1.2.0)
      rack
    sinatra (1.3.2)
      rack (~> 1.3, >= 1.3.6)
      rack-protection (~> 1.2)
      tilt (~> 1.3, >= 1.3.3)
    tilt (1.3.3)

PLATFORMS
  java

DEPENDENCIES
  gemjar!
